GEM
  remote: https://rubygems.org/
  specs:
    creek (2.5.0)
      nokogiri (>= 1.10.0)
      rubyzip (>= 1.0.0)
    mini_portile2 (2.6.1)
    nokogiri (1.12.5)
      mini_portile2 (~> 2.6.1)
      racc (~> 1.4)
    racc (1.5.2)
    rubyzip (2.0.0)

PLATFORMS
  ruby

DEPENDENCIES
  creek

BUNDLED WITH
   1.17.3
